GEM
  remote: https://rubygems.org/
  specs:
    rack (2.0.7)
    roda (3.26.0)
      rack

PLATFORMS
  ruby

DEPENDENCIES
  roda

BUNDLED WITH
   1.17.3
